ObjectType = Image
NDims = 2
BinaryData = True
BinaryDataByteOrderMSB = False
CompressedData = False
TransformMatrix = 1 0 0 1
Offset = 0 0
CenterOfRotation = 0 0
AnatomicalOrientation = RAI
ElementSpacing = 1 1
DimSize = 128 128
ElementNumberOfChannels = 1
ElementType = MET_INT
ElementDataFile = liver_texture_pt145_128_128_1_32bit_signed.raw
