ObjectType = Image
NDims = 2
BinaryData = True
BinaryDataByteOrderMSB = False
CompressedData = False
TransformMatrix = 1 0 0 1
Offset = 0 0
CenterOfRotation = 0 0
AnatomicalOrientation = RAI
ElementSpacing = 1 1
DimSize = 512 512
ElementNumberOfChannels = 1
ElementType = MET_SHORT
ElementDataFile = pt186_inp_biglung_512.raw
