ObjectType = Image
NDims = 3
BinaryData = True
BinaryDataByteOrderMSB = False
CompressedData = False
TransformMatrix = 1 0 0 0 1 0 0 0 1
Offset = 0 0 0
CenterOfRotation = 0 0 0
AnatomicalOrientation = RAI
ElementSpacing = 1 1 1
DimSize = 512 512 128
ElementNumberOfChannels = 1
ElementType = MET_CHAR
ElementDataFile = pt186binary_512_512_129_8bit_signed.raw
