ObjectType = Image
NDims = 3
BinaryData = True
BinaryDataByteOrderMSB = False
CompressedData = False
TransformMatrix = 1 0 0 0 1 0 0 0 1
Offset = 0 0 0
CenterOfRotation = 0 0 0
ElementSpacing = 1 1 1
DimSize = 512 512 29
AnatomicalOrientation = ???
ElementType = MET_UCHAR
ElementDataFile = pt186binary_512_512_129_8bit_signed_mask.raw
